GEM
  remote: http://rubygems.org/
  specs:
    actionmailer (3.2.3)
      actionpack (= 3.2.3)
      mail (~> 2.4.4)
    actionpack (3.2.3)
      activemodel (= 3.2.3)
      activesupport (= 3.2.3)
      builder (~> 3.0.0)
      erubis (~> 2.7.0)
      journey (~> 1.0.1)
      rack (~> 1.4.0)
      rack-cache (~> 1.2)
      rack-test (~> 0.6.1)
      sprockets (~> 2.1.2)
    active_record_query_trace (1.1)
    activemodel (3.2.3)
      activesupport (= 3.2.3)
      builder (~> 3.0.0)
    activerecord (3.2.3)
      activemodel (= 3.2.3)
      activesupport (= 3.2.3)
      arel (~> 3.0.2)
      tzinfo (~> 0.3.29)
    activeresource (3.2.3)
      activemodel (= 3.2.3)
      activesupport (= 3.2.3)
    activesupport (3.2.3)
      i18n (~> 0.6)
      multi_json (~> 1.0)
    addressable (2.3.5)
    arel (3.0.3)
    bcrypt-ruby (3.1.2)
    builder (3.0.4)
    capistrano (2.13.5)
      highline
      net-scp (>= 1.0.0)
      net-sftp (>= 2.0.0)
      net-ssh (>= 2.0.14)
      net-ssh-gateway (>= 1.1.0)
    cocaine (0.3.2)
    commonjs (0.2.7)
    country_select (1.0.1)
    css_parser (1.3.5)
      addressable
    curb (0.8.8)
    daemons (1.1.9)
    delayed_job (3.0.3)
      activesupport (~> 3.0)
    delayed_job_active_record (0.3.2)
      activerecord (> 2.1.0)
      delayed_job (~> 3.0.0)
    devise (2.0.0)
      bcrypt-ruby (~> 3.0)
      orm_adapter (~> 0.0.3)
      railties (~> 3.1)
      warden (~> 1.1)
    diff-lcs (1.2.5)
    erubis (2.7.0)
    execjs (2.0.2)
    faker (1.0.1)
      i18n (~> 0.4)
    fattr (2.2.1)
    feedzirra (0.0.24)
      activesupport (>= 2.3.8)
      builder (>= 2.1.2)
      curb (>= 0.2.3)
      loofah (>= 0.3.1)
      nokogiri (> 0.0.0)
      sax-machine (>= 0.0.12)
    formtastic (2.1.0.rc)
      actionpack (~> 3.0)
    haml (3.1.4)
    highline (1.6.20)
    hike (1.2.3)
    hpricot (0.8.6)
    i18n (0.6.8)
    journey (1.0.4)
    jquery-rails (2.1.4)
      railties (>= 3.0, < 5.0)
      thor (>= 0.14, < 2.0)
    json (1.8.1)
    kgio (2.9.2)
    less (2.2.2)
      commonjs (~> 0.2.6)
    libv8 (3.16.14.7)
    loofah (1.2.1)
      nokogiri (>= 1.4.4)
    machinist (2.0)
    mail (2.4.4)
      i18n (>= 0.4.0)
      mime-types (~> 1.16)
      treetop (~> 1.4.8)
    mime-types (1.25.1)
    mini_portile (0.5.2)
    multi_json (1.8.2)
    mysql2 (0.3.16)
    net-scp (1.1.2)
      net-ssh (>= 2.6.5)
    net-sftp (2.0.5)
      net-ssh (>= 2.0.9)
    net-ssh (2.7.0)
    net-ssh-gateway (1.1.0)
      net-ssh (>= 1.99.1)
    nokogiri (1.6.0)
      mini_portile (~> 0.5.0)
    options (2.3.0)
      fattr
    orm_adapter (0.0.7)
    paperclip (3.2.1)
      activemodel (>= 3.0.0)
      activerecord (>= 3.0.0)
      activesupport (>= 3.0.0)
      cocaine (>= 0.0.2)
      mime-types
    polyglot (0.3.3)
    pr_geohash (1.0.0)
    progress_bar (0.4.0)
      highline (~> 1.6.1)
      options (~> 2.3.0)
    rack (1.4.5)
    rack-cache (1.2)
      rack (>= 0.4)
    rack-ssl (1.3.3)
      rack
    rack-test (0.6.2)
      rack (>= 1.0)
    rails (3.2.3)
      actionmailer (= 3.2.3)
      actionpack (= 3.2.3)
      activerecord (= 3.2.3)
      activeresource (= 3.2.3)
      activesupport (= 3.2.3)
      bundler (~> 1.0)
      railties (= 3.2.3)
    railties (3.2.3)
      actionpack (= 3.2.3)
      activesupport (= 3.2.3)
      rack-ssl (~> 1.3.2)
      rake (>= 0.8.7)
      rdoc (~> 3.4)
      thor (~> 0.14.6)
    raindrops (0.12.0)
    rake (10.1.1)
    rdoc (3.12.2)
      json (~> 1.4)
    ref (1.0.5)
    rmagick (2.13.2)
    roadie (2.3.4)
      actionmailer (> 3.0.0, < 3.3.0)
      css_parser
      nokogiri (>= 1.4.4)
      sprockets
    rsolr (1.0.7)
      builder (>= 2.1.2)
    rspec-core (2.14.7)
    rspec-expectations (2.14.4)
      diff-lcs (>= 1.1.3, < 2.0)
    rspec-mocks (2.14.4)
    rspec-rails (2.14.0)
      actionpack (>= 3.0)
      activesupport (>= 3.0)
      railties (>= 3.0)
      rspec-core (~> 2.14.0)
      rspec-expectations (~> 2.14.0)
      rspec-mocks (~> 2.14.0)
    sass (3.2.3)
    sass-rails (3.2.6)
      railties (~> 3.2.0)
      sass (>= 3.1.10)
      tilt (~> 1.3)
    sax-machine (0.2.1)
      nokogiri (~> 1.6.0)
    sprockets (2.1.3)
      hike (~> 1.2)
      rack (~> 1.0)
      tilt (~> 1.1, != 1.3.0)
    sunspot (1.3.3)
      pr_geohash (~> 1.0)
      rsolr (~> 1.0.7)
    sunspot_rails (1.3.3)
      nokogiri
      sunspot (= 1.3.3)
    sunspot_solr (1.3.3)
    syntax (1.0.0)
    therubyracer (0.12.0)
      libv8 (~> 3.16.14.0)
      ref
    thor (0.14.6)
    tilt (1.4.1)
    tinymce-rails (3.5.8)
      railties (>= 3.1.1)
    treetop (1.4.15)
      polyglot
      polyglot (>= 0.3.1)
    tzinfo (0.3.38)
    uglifier (2.3.2)
      execjs (>= 0.3.0)
      json (>= 1.8.0)
    unicorn (4.7.0)
      kgio (~> 2.9.2)
      rack
      raindrops (~> 0.7)
    warden (1.2.3)
      rack (>= 1.0)
    will_paginate (3.0.3)

PLATFORMS
  ruby

DEPENDENCIES
  active_record_query_trace (= 1.1)
  capistrano (= 2.13.5)
  cocaine (= 0.3.2)
  country_select (= 1.0.1)
  daemons (= 1.1.9)
  delayed_job (= 3.0.3)
  delayed_job_active_record (= 0.3.2)
  devise (= 2.0)
  faker (= 1.0.1)
  feedzirra (= 0.0.24)
  formtastic (= 2.1.0.rc)
  haml (= 3.1.4)
  hpricot (= 0.8.6)
  jquery-rails (= 2.1.4)
  less (~> 2.2.1)
  machinist (= 2.0)
  mysql2 (= 0.3.16)
  paperclip (= 3.2.1)
  progress_bar (= 0.4.0)
  rails (= 3.2.3)
  rake (= 10.1.1)
  rmagick
  roadie (= 2.3.4)
  rsolr (= 1.0.7)
  rspec-rails (~> 2.6)
  sass (= 3.2.3)
  sass-rails
  sunspot (= 1.3.3)
  sunspot_rails (= 1.3.3)
  sunspot_solr (= 1.3.3)
  syntax (= 1.0.0)
  therubyracer (= 0.12.0)
  tinymce-rails (= 3.5.8)
  uglifier
  unicorn
  will_paginate (= 3.0.3)
